GEM
  remote: https://rubygems.org/
  specs:
    diff-lcs (1.5.0)
    gosu (1.4.5)
    pairing_heap (2.0.0)
    rexml (3.2.5)
    rgl (0.5.10)
      pairing_heap (>= 0.3.0)
      rexml (~> 3.2, >= 3.2.4)
      stream (~> 0.5.3)
    rspec (3.12.0)
      rspec-core (~> 3.12.0)
      rspec-expectations (~> 3.12.0)
      rspec-mocks (~> 3.12.0)
    rspec-core (3.12.0)
      rspec-support (~> 3.12.0)
    rspec-expectations (3.12.2)
      diff-lcs (>= 1.2.0, < 2.0)
      rspec-support (~> 3.12.0)
    rspec-mocks (3.12.2)
      diff-lcs (>= 1.2.0, < 2.0)
      rspec-support (~> 3.12.0)
    rspec-support (3.12.0)
    ruby-progressbar (1.11.0)
    stream (0.5.5)

PLATFORMS
  x86_64-linux

DEPENDENCIES
  gosu
  rgl (~> 0.5.10)
  rspec (~> 3.12)
  ruby-progressbar

BUNDLED WITH
   2.4.4
