GEM
  remote: https://rubygems.org/
  specs:
    heatmap (0.1.1)

PLATFORMS
  x86_64-linux

DEPENDENCIES
  heatmap

BUNDLED WITH
   2.4.1
